GEM
  remote: https://rubygems.org/
  specs:
    diff-lcs (1.2.5)
    iconv (1.0.4)
    netrc (0.7.7)
    rest_client (1.7.3)
      netrc (~> 0.7.7)
    rspec (2.14.1)
      rspec-core (~> 2.14.0)
      rspec-expectations (~> 2.14.0)
      rspec-mocks (~> 2.14.0)
    rspec-core (2.14.8)
    rspec-expectations (2.14.5)
      diff-lcs (>= 1.1.3, < 2.0)
    rspec-mocks (2.14.6)
    ruby-mp3info (0.8.4)

PLATFORMS
  ruby

DEPENDENCIES
  iconv
  rest_client
  rspec
  ruby-mp3info (~> 0.8.4)
